PATH
  remote: .
  specs:
    ffi-corosync (0.0.1)
      ffi

GEM
  remote: https://rubygems.org/
  specs:
    diff-lcs (1.2.4)
    ffi (1.9.0)
    rake (10.1.0)
    rspec (2.14.1)
      rspec-core (~> 2.14.0)
      rspec-expectations (~> 2.14.0)
      rspec-mocks (~> 2.14.0)
    rspec-core (2.14.5)
    rspec-expectations (2.14.3)
      diff-lcs (>= 1.1.3, < 2.0)
    rspec-mocks (2.14.3)

PLATFORMS
  ruby

DEPENDENCIES
  bundler (~> 1.3)
  ffi-corosync!
  rake
  rspec
